GEM
  remote: https://rubygems.org/
  specs:
    git (1.3.0)
    logger (1.2.8)

PLATFORMS
  ruby

DEPENDENCIES
  git
  logger

BUNDLED WITH
   1.11.2
