GEM
  remote: https://rubygems.org/
  specs:
    git (1.3.0)
    git_diff_parser (2.2.0)
    logger (1.2.8)

PLATFORMS
  ruby

DEPENDENCIES
  git
  git_diff_parser
  logger

BUNDLED WITH
   1.11.2
